GEM
  remote: https://rubygems.org/
  specs:
    activesupport (6.1.3.1)
      concurrent-ruby (~> 1.0, >= 1.0.2)
      i18n (>= 1.6, < 2)
      minitest (>= 5.1)
      tzinfo (~> 2.0)
      zeitwerk (~> 2.3)
    concurrent-ruby (1.1.8)
    faraday (1.3.0)
      faraday-net_http (~> 1.0)
      multipart-post (>= 1.2, < 3)
      ruby2_keywords
    faraday-net_http (1.0.1)
    faraday_middleware (1.0.0)
      faraday (~> 1.0)
    hashie (4.1.0)
    i18n (1.8.10)
      concurrent-ruby (~> 1.0)
    minitest (5.14.4)
    multipart-post (2.1.1)
    ruby2_keywords (0.0.4)
    strava-ruby-client (0.4.0)
      activesupport
      faraday (>= 1.0.0)
      faraday_middleware
      hashie
    tzinfo (2.0.4)
      concurrent-ruby (~> 1.0)
    webrick (1.7.0)
    zeitwerk (2.4.2)

PLATFORMS
  x86_64-darwin-19

DEPENDENCIES
  strava-ruby-client
  webrick

RUBY VERSION
   ruby 2.6.6p146

BUNDLED WITH
   2.2.15
